GEM
  remote: https://rubygems.org/
  specs:
    byebug (11.1.3)
    cloud_events (0.6.0)
    damerau-levenshtein (1.3.3)
    functions_framework (1.0.1)
      cloud_events (>= 0.6.0, < 2.a)
      puma (>= 4.3.0, < 6.a)
      rack (~> 2.1)
    json_pure (2.6.1)
    lineprofiler (0.0.1)
    nio4r (2.5.8)
    puma (5.5.2)
      nio4r (~> 2.0)
    rack (2.2.3)

PLATFORMS
  ruby

DEPENDENCIES
  byebug
  damerau-levenshtein
  functions_framework
  json_pure
  lineprofiler

BUNDLED WITH
   2.1.4
