GIT
  remote: https://github.com/nakilon/nakicommon.git
  revision: ddbd6edd7c2d0f2bc2b057db30194796d4581434
  specs:
    nakicommon (0.0.0)
    nakicommon-aws-upload (0.0.0)
      aws-sigv4

GIT
  remote: https://github.com/nakilon/unicode-blocks.git
  revision: 98317573b469c5a9ade60825a7239f3e8cb719af
  specs:
    unicode-blocks (1.8.0)

GEM
  remote: https://rubygems.org/
  specs:
    addressable (2.8.5)
      public_suffix (>= 2.0.2, < 6.0)
    ansi (1.5.0)
    ast (2.4.2)
    aws-eventstream (1.2.0)
    aws-sigv4 (1.6.1)
      aws-eventstream (~> 1, >= 1.0.2)
    crack (0.4.5)
      rexml
    hashdiff (1.0.1)
    maxitest (4.5.0)
      minitest (>= 5.0.0, < 5.19.0)
    minitest (5.18.1)
    nakiircbot (1.1.0)
    nakischema (0.3.0)
      addressable
      regexp-examples
    nethttputils (0.4.4.0)
      addressable
    oga (3.4)
      ast
      ruby-ll (~> 2.1)
    public_suffix (5.0.3)
    regexp-examples (1.5.1)
    rexml (3.2.6)
    ruby-ll (2.1.3)
      ansi
      ast
    webmock (3.19.1)
      addressable (>= 2.8.0)
      crack (>= 0.3.2)
      hashdiff (>= 0.4.0, < 2.0.0)

PLATFORMS
  x86_64-darwin-18

DEPENDENCIES
  maxitest
  nakicommon!
  nakicommon-aws-upload!
  nakiircbot (~> 1.1.0)
  nakischema
  nethttputils
  oga
  unicode-blocks!
  webmock

BUNDLED WITH
   2.4.14
