PATH
  remote: ../..
  specs:
    nakiircbot (1.1.0)

GEM
  remote: https://rubygems.org/
  specs:
    addressable (2.8.4)
      public_suffix (>= 2.0.2, < 6.0)
    ansi (1.5.0)
    ast (2.4.2)
    nethttputils (0.4.4.0)
      addressable
    oga (3.4)
      ast
      ruby-ll (~> 2.1)
    public_suffix (5.0.1)
    ruby-ll (2.1.2)
      ansi
      ast

PLATFORMS
  ruby

DEPENDENCIES
  nakiircbot!
  nethttputils
  oga

BUNDLED WITH
   2.1.4
