GIT
  remote: https://github.com/nakilon/unicode-blocks.git
  revision: 98317573b469c5a9ade60825a7239f3e8cb719af
  specs:
    unicode-blocks (1.8.0)

GEM
  remote: https://rubygems.org/
  specs:
    addressable (2.8.4)
      public_suffix (>= 2.0.2, < 6.0)
    ansi (1.5.0)
    ast (2.4.2)
    maxitest (4.5.0)
      minitest (>= 5.0.0, < 5.19.0)
    minitest (5.18.1)
    nakiircbot (1.1.0)
    nakischema (0.1.4)
    nethttputils (0.4.4.0)
      addressable
    oga (3.4)
      ast
      ruby-ll (~> 2.1)
    public_suffix (5.0.1)
    ruby-ll (2.1.2)
      ansi
      ast

PLATFORMS
  x86_64-darwin-18
  x86_64-linux-musl

DEPENDENCIES
  maxitest
  nakiircbot (~> 1.1.0)
  nakischema
  nethttputils
  oga
  unicode-blocks!

BUNDLED WITH
   2.4.14
