GEM
  remote: https://rubygems.org/
  specs:
    addressable (2.7.0)
      public_suffix (>= 2.0.2, < 5.0)
    faraday (1.4.2)
      faraday-em_http (~> 1.0)
      faraday-em_synchrony (~> 1.0)
      faraday-excon (~> 1.1)
      faraday-net_http (~> 1.0)
      faraday-net_http_persistent (~> 1.1)
      multipart-post (>= 1.2, < 3)
      ruby2_keywords (>= 0.0.4)
    faraday-em_http (1.0.0)
    faraday-em_synchrony (1.0.0)
    faraday-excon (1.1.0)
    faraday-net_http (1.0.1)
    faraday-net_http_persistent (1.1.0)
    faraday_middleware (1.1.0)
      faraday (~> 1.0)
    hashie (4.1.0)
    htmlentities (4.3.4)
    infoboxer (0.3.3)
      addressable
      htmlentities
      mediawiktory (= 0.1.3)
      terminal-table
    json_pure (2.5.1)
    mediawiki-butt (4.0.1)
      patron (~> 0.13)
    mediawiktory (0.1.3)
      addressable
      faraday
      faraday_middleware
      hashie
      naught
      nokogiri
    mini_portile2 (2.4.0)
    multipart-post (2.1.1)
    nakiircbot (0.1.1)
    naught (1.1.0)
    nokogiri (1.10.10)
      mini_portile2 (~> 2.4.0)
    patron (0.13.3)
    public_suffix (4.0.6)
    ruby2_keywords (0.0.4)
    terminal-table (3.0.1)
      unicode-display_width (>= 1.1.1, < 3)
    unicode-display_width (2.0.0)

PLATFORMS
  ruby

DEPENDENCIES
  infoboxer
  json_pure
  mediawiki-butt
  nakiircbot (~> 0.1.1)

BUNDLED WITH
   2.1.4
