GEM
  remote: https://rubygems.org/
  specs:
    nakiircbot (0.1.1)

PLATFORMS
  ruby

DEPENDENCIES
  nakiircbot (~> 0.1.1)

BUNDLED WITH
   2.1.4
