GEM
  remote: https://rubygems.org/
  specs:
    addressable (2.7.0)
      public_suffix (>= 2.0.2, < 5.0)
    ansi (1.5.0)
    ast (2.4.2)
    domain_name (0.5.20190701)
      unf (>= 0.0.5, < 1.0.0)
    faraday (1.4.2)
      faraday-em_http (~> 1.0)
      faraday-em_synchrony (~> 1.0)
      faraday-excon (~> 1.1)
      faraday-net_http (~> 1.0)
      faraday-net_http_persistent (~> 1.1)
      multipart-post (>= 1.2, < 3)
      ruby2_keywords (>= 0.0.4)
    faraday-cookie_jar (0.0.7)
      faraday (>= 0.8.0)
      http-cookie (~> 1.0.0)
    faraday-em_http (1.0.0)
    faraday-em_synchrony (1.0.0)
    faraday-encoding (0.0.5)
      faraday
    faraday-excon (1.1.0)
    faraday-http-cache (2.2.0)
      faraday (>= 0.8)
    faraday-net_http (1.0.1)
    faraday-net_http_persistent (1.1.0)
    faraday_middleware (1.1.0)
      faraday (~> 1.0)
    fastimage (2.2.5)
    hashie (4.1.0)
    htmlentities (4.3.4)
    http-cookie (1.0.4)
      domain_name (~> 0.5)
    infoboxer (0.3.3)
      addressable
      htmlentities
      mediawiktory (= 0.1.3)
      terminal-table
    iso8601 (0.9.1)
    json_pure (2.5.1)
    mediawiktory (0.1.3)
      addressable
      faraday
      faraday_middleware
      hashie
      naught
      nokogiri
    metainspector (5.11.2)
      addressable (~> 2.7)
      faraday (~> 1.4)
      faraday-cookie_jar (~> 0.0)
      faraday-encoding (~> 0.0)
      faraday-http-cache (~> 2.2)
      faraday_middleware (~> 1.0)
      fastimage (~> 2.2)
      nesty (~> 1.0)
      nokogiri (~> 1.11)
    mini_portile2 (2.6.1)
    multipart-post (2.1.1)
    nakiircbot (0.1.3)
    nakischema (0.1.4)
    naught (1.1.0)
    nesty (1.0.2)
    net_http_timeout_errors (0.3.5)
    nethttputils (0.4.2.0)
      addressable
    nokogiri (1.12.5)
      mini_portile2 (~> 2.6.1)
      racc (~> 1.4)
    oga (3.3)
      ast
      ruby-ll (~> 2.1)
    public_suffix (4.0.6)
    racc (1.5.2)
    reddit_bot (1.10.0)
      json_pure
      nethttputils (~> 0.4.2.0)
    ruby-ll (2.1.2)
      ansi
      ast
    ruby2_keywords (0.0.4)
    terminal-table (3.0.1)
      unicode-display_width (>= 1.1.1, < 3)
    unf (0.1.4)
      unf_ext
    unf_ext (0.0.8)
    unicode-display_width (2.0.0)
    video_info (3.0.1)
      iso8601 (~> 0.9.1)
      net_http_timeout_errors (~> 0.3.0)
      oga (~> 3.0)

PLATFORMS
  ruby

DEPENDENCIES
  infoboxer
  json_pure
  metainspector
  nakiircbot (~> 0.1.3)
  nakischema
  oga
  reddit_bot
  video_info

BUNDLED WITH
   2.1.4
